GIT
  remote: https://github.com/vmg/redcarpet.git
  revision: 03b664dad162eb09b81769c9bb881fd66a8ea960
  specs:
    redcarpet (3.5.1)

GEM
  remote: https://rubygems.org/
  specs:
    rouge (3.26.0)

PLATFORMS
  x86_64-linux

DEPENDENCIES
  redcarpet!
  rouge

BUNDLED WITH
   2.2.24
